GIT
  remote: https://github.com/panorama-ed/panolint.git
  revision: a9722148c9dd7233d63dc2d3f802d213601cc4ae
  specs:
    panolint (0.1.2)
      brakeman (~> 4.8)
      rubocop (~> 0.83)
      rubocop-performance (~> 1.5)
      rubocop-rails (~> 2.5)
      rubocop-rspec (~> 1.39)

PATH
  remote: .
  specs:
    memo_wise (0.1.0)

GEM
  remote: https://rubygems.org/
  specs:
    activesupport (5.2.4.4)
      concurrent-ruby (~> 1.0, >= 1.0.2)
      i18n (>= 0.7, < 2)
      minitest (~> 5.1)
      tzinfo (~> 1.1)
    ast (2.4.1)
    brakeman (4.10.0)
    codecov (0.2.12)
      json
      simplecov
    concurrent-ruby (1.1.7)
    diff-lcs (1.4.4)
    docile (1.3.2)
    i18n (1.8.5)
      concurrent-ruby (~> 1.0)
    json (2.3.1)
    minitest (5.14.2)
    parallel (1.20.1)
    parser (2.7.2.0)
      ast (~> 2.4.1)
    rack (2.2.3)
    rainbow (3.0.0)
    redcarpet (3.5.0)
    regexp_parser (1.8.2)
    rexml (3.2.4)
    rspec (3.10.0)
      rspec-core (~> 3.10.0)
      rspec-expectations (~> 3.10.0)
      rspec-mocks (~> 3.10.0)
    rspec-core (3.10.0)
      rspec-support (~> 3.10.0)
    rspec-expectations (3.10.0)
      diff-lcs (>= 1.2.0, < 2.0)
      rspec-support (~> 3.10.0)
    rspec-mocks (3.10.0)
      diff-lcs (>= 1.2.0, < 2.0)
      rspec-support (~> 3.10.0)
    rspec-support (3.10.0)
    rubocop (0.93.1)
      parallel (~> 1.10)
      parser (>= 2.7.1.5)
      rainbow (>= 2.2.2, < 4.0)
      regexp_parser (>= 1.8)
      rexml
      rubocop-ast (>= 0.6.0)
      ruby-progressbar (~> 1.7)
      unicode-display_width (>= 1.4.0, < 2.0)
    rubocop-ast (1.1.1)
      parser (>= 2.7.1.5)
    rubocop-performance (1.9.0)
      rubocop (>= 0.90.0, < 2.0)
      rubocop-ast (>= 0.4.0)
    rubocop-rails (2.8.1)
      activesupport (>= 4.2.0)
      rack (>= 1.1)
      rubocop (>= 0.87.0)
    rubocop-rspec (1.44.1)
      rubocop (~> 0.87)
      rubocop-ast (>= 0.7.1)
    ruby-progressbar (1.10.1)
    simplecov (0.18.5)
      docile (~> 1.1)
      simplecov-html (~> 0.11)
    simplecov-html (0.12.3)
    thread_safe (0.3.6)
    tzinfo (1.2.8)
      thread_safe (~> 0.1)
    unicode-display_width (1.7.0)
    values (1.8.0)
    yard (0.9.25)
    yard-doctest (0.1.17)
      minitest
      yard

PLATFORMS
  ruby

DEPENDENCIES
  codecov
  memo_wise!
  panolint!
  redcarpet (~> 3.5)
  rspec (~> 3.10)
  values (~> 1)
  yard (~> 0.9)
  yard-doctest (~> 0.1)

BUNDLED WITH
   2.1.4
