PATH
  remote: ..
  specs:
    memo_wise (0.3.0)

GEM
  remote: https://rubygems.org/
  specs:
    benchmark-ips (2.8.4)
    memery (1.3.0)
      ruby2_keywords (~> 0.0.2)
    ruby2_keywords (0.0.4)

PLATFORMS
  x86_64-darwin-19

DEPENDENCIES
  benchmark-ips (= 2.8.4)
  memery (= 1.3.0)
  memo_wise!

RUBY VERSION
   ruby 3.0.0p0

BUNDLED WITH
   2.2.3
