PATH
  remote: ..
  specs:
    memo_wise (1.0.0)

GEM
  remote: https://rubygems.org/
  specs:
    benchmark-ips (2.9.1)
    ddmemoize (1.0.0)
      ddmetrics (~> 1.0)
      ref (~> 2.0)
    ddmetrics (1.0.1)
    memoist (0.16.2)
    memoized (1.0.2)
    memoizer (1.0.3)
    ref (2.0.0)

PLATFORMS
  x86_64-darwin-19
  x86_64-darwin-20
  x86_64-linux

DEPENDENCIES
  benchmark-ips (= 2.9.1)
  ddmemoize (= 1.0.0)
  memo_wise!
  memoist (= 0.16.2)
  memoized (= 1.0.2)
  memoizer (= 1.0.3)

RUBY VERSION
   ruby 3.0.0p0

BUNDLED WITH
   2.2.21
